GEM
  remote: https://rubygems.org/
  specs:
    csv (3.3.0)
    dotenv (3.1.2)
    google_search_results (2.2.0)
    httparty (0.22.0)
      csv
      mini_mime (>= 1.0.0)
      multi_xml (>= 0.5.2)
    mini_mime (1.1.5)
    mini_portile2 (2.8.7)
    multi_xml (0.6.0)
    nokogiri (1.16.7)
      mini_portile2 (~> 2.8.2)
      racc (~> 1.4)
    nokogiri (1.16.7-x86_64-darwin)
      racc (~> 1.4)
    racc (1.8.1)

PLATFORMS
  ruby
  x86_64-darwin-23

DEPENDENCIES
  dotenv
  google_search_results
  httparty
  nokogiri

RUBY VERSION
   ruby 3.0.0p0

BUNDLED WITH
   2.5.10
